PATH
  remote: .
  specs:
    phinspector (0.1.0)
      escort (~> 0.4.0)
      phabricator (~> 0.0.7)

GEM
  remote: https://rubygems.org/
  specs:
    concurrent-ruby (1.0.5)
    domain_name (0.5.20180417)
      unf (>= 0.0.5, < 1.0.0)
    escort (0.4.0)
      nesty
    faker (1.9.1)
      i18n (>= 0.7)
    http-cookie (1.0.3)
      domain_name (~> 0.5)
    i18n (1.0.1)
      concurrent-ruby (~> 1.0)
    mime-types (3.1)
      mime-types-data (~> 3.2015)
    mime-types-data (3.2016.0521)
    minitest (5.11.3)
    nesty (1.0.2)
    netrc (0.11.0)
    phabricator (0.0.7)
      rest-client
    rake (12.3.1)
    rest-client (2.0.2)
      http-cookie (>= 1.0.2, < 2.0)
      mime-types (>= 1.16, < 4.0)
      netrc (~> 0.8)
    unf (0.1.4)
      unf_ext
    unf_ext (0.0.7.5)

PLATFORMS
  ruby

DEPENDENCIES
  bundler (~> 1.16, >= 1.16.2)
  faker (~> 1.9, >= 1.9.1)
  minitest (~> 5.11, >= 5.11.3)
  phinspector!
  rake (~> 12.3, >= 12.3.1)

BUNDLED WITH
   1.16.2
